GEM
  remote: https://rubygems.org/
  specs:
    barge (0.10.0)
      faraday (~> 0.9)
      faraday_middleware (~> 0.9)
      hashie (~> 3.2)
    faraday (0.9.2)
      multipart-post (>= 1.2, < 3)
    faraday_middleware (0.10.0)
      faraday (>= 0.7.4, < 0.10)
    hashie (3.4.3)
    middleware (0.1.0)
    multipart-post (2.0.0)
    thor (0.18.1)
    tugboat (2.0.1)
      barge (~> 0.10.0)
      middleware (~> 0.1.0)
      thor (~> 0.18.1)

PLATFORMS
  ruby

DEPENDENCIES
  tugboat

BUNDLED WITH
   1.10.6
