GEM
  remote: https://rubygems.org/
  specs:
    digital_ocean (1.0.1)
      faraday (~> 0.8.7)
      faraday_middleware (~> 0.9.0)
      json
      rash
    faraday (0.8.10)
      multipart-post (~> 1.2.0)
    faraday_middleware (0.9.2)
      faraday (>= 0.7.4, < 0.10)
    hashie (2.0.5)
    json (1.8.3)
    middleware (0.1.0)
    multipart-post (1.2.0)
    rash (0.4.0)
      hashie (~> 2.0.0)
    thor (0.18.1)
    tugboat (1.3.1)
      digital_ocean (~> 1.0.1)
      middleware (~> 0.1.0)
      thor (~> 0.18.1)

PLATFORMS
  ruby

DEPENDENCIES
  tugboat

BUNDLED WITH
   1.10.6
